GEM
  remote: https://rubygems.org/
  specs:
    coderay (1.1.2)
    id3tag (0.9.0)
    method_source (0.9.0)
    pry (0.11.3)
      coderay (~> 1.1.0)
      method_source (~> 0.9.0)

PLATFORMS
  ruby

DEPENDENCIES
  id3tag
  pry

BUNDLED WITH
   1.14.6
